GEM
  remote: https://rubygems.org/
  specs:
    ffi (1.9.18)
    listen (3.1.5)
      rb-fsevent (~> 0.9, >= 0.9.4)
      rb-inotify (~> 0.9, >= 0.9.7)
      ruby_dep (~> 1.2)
    rake (12.0.0)
    rb-fsevent (0.9.8)
    rb-inotify (0.9.10)
      ffi (>= 0.5.0, < 2)
    ruby_dep (1.5.0)
    sass (3.4.24)

PLATFORMS
  ruby

DEPENDENCIES
  listen
  rake
  sass

RUBY VERSION
   ruby 2.4.1p111

BUNDLED WITH
   1.15.1
